GIT
  remote: git://github.com/sinatra/sinatra-contrib.git
  revision: c5c2d32e688123a1a1cab4b391447e995957c94f
  specs:
    sinatra-contrib (1.4.0)
      backports (>= 2.0)
      eventmachine
      rack-protection
      rack-test
      sinatra (~> 1.4.0)
      tilt (~> 1.3)

GIT
  remote: git://github.com/sinatra/sinatra.git
  revision: cab56ed7d64b9ffb6d4df48cb8d7d3153890f3ee
  specs:
    sinatra (1.4.0)
      rack (~> 1.3, >= 1.3.6)
      rack-protection (~> 1.2)
      tilt (~> 1.3, >= 1.3.3)

PATH
  remote: .
  specs:
    kgbhomeAPI (0.1)

GEM
  remote: http://rubygems.org/
  specs:
    autowatchr (0.1.5)
      watchr
    backports (2.5.3)
    daemons (1.1.8)
    eventmachine (0.12.10)
    git (1.2.5)
    httparty (0.8.3)
      multi_json (~> 1.0)
      multi_xml
    hub (1.10.0)
    jeweler (1.8.3)
      bundler (~> 1.0)
      git (>= 1.2.5)
      rake
      rdoc
    json (1.7.3)
    minitest (2.0.2)
    multi_json (1.3.5)
    multi_xml (0.5.1)
    mynyml-redgreen (0.7.1)
      term-ansicolor (>= 1.0.4)
    nokogiri (1.4.4)
    powder (0.1.6)
      thor (>= 0.11.5)
    rack (1.4.1)
    rack-protection (1.2.0)
      rack
    rack-test (0.6.1)
      rack (>= 1.0)
    rake (0.9.2.2)
    rdoc (3.12)
      json (~> 1.4)
    shotgun (0.9)
      rack (>= 1.0)
    shoulda (3.0.1)
      shoulda-context (~> 1.0.0)
      shoulda-matchers (~> 1.0.0)
    shoulda-context (1.0.0)
    shoulda-matchers (1.0.0)
    simplecov (0.6.4)
      multi_json (~> 1.0)
      simplecov-html (~> 0.5.3)
    simplecov-html (0.5.3)
    term-ansicolor (1.0.7)
    thin (1.3.1)
      daemons (>= 1.0.9)
      eventmachine (>= 0.12.6)
      rack (>= 1.0.0)
    thor (0.15.2)
    tilt (1.3.3)
    watchr (0.7)

PLATFORMS
  ruby

DEPENDENCIES
  autowatchr (= 0.1.5)
  httparty
  hub
  jeweler (~> 1.8.3)
  json
  kgbhomeAPI!
  minitest (= 2.0.2)
  mynyml-redgreen (= 0.7.1)
  nokogiri (= 1.4.4)
  powder (= 0.1.6)
  rack-test (= 0.6.1)
  rdoc (~> 3.12)
  shotgun (= 0.9)
  shoulda
  simplecov
  sinatra!
  sinatra-contrib!
  thin
  watchr (= 0.7)
