PATH
  remote: .
  specs:
    kgbhomeAPI (0.1.0)
      httparty
      hub
      json
      kgbhomeAPI
      sinatra
      sinatra-contrib
      thin

GEM
  remote: http://rubygems.org/
  specs:
    autowatchr (0.1.5)
      watchr
    backports (2.6.2)
    bson (1.6.2)
    bson_ext (1.6.2)
      bson (~> 1.6.2)
    daemons (1.1.8)
    eventmachine (0.12.10)
    git (1.2.5)
    httparty (0.8.3)
      multi_json (~> 1.0)
      multi_xml
    hub (1.10.0)
    jeweler (1.8.3)
      bundler (~> 1.0)
      git (>= 1.2.5)
      rake
      rdoc
    json (1.7.3)
    jwt (0.1.4)
      json (>= 1.2.4)
    minitest (2.0.2)
    mongo (1.6.2)
      bson (~> 1.6.2)
    multi_json (1.3.6)
    multi_xml (0.5.1)
    mynyml-redgreen (0.7.1)
      term-ansicolor (>= 1.0.4)
    newrelic_rpm (3.3.4.1)
    nokogiri (1.4.4)
    powder (0.1.6)
      thor (>= 0.11.5)
    rack (1.4.1)
    rack-oauth2-server (2.6.0)
      bson_ext
      json
      jwt (~> 0.1.4)
      mongo (~> 1)
      rack (~> 1.1)
      sinatra (~> 1.1)
    rack-protection (1.2.0)
      rack
    rack-test (0.6.1)
      rack (>= 1.0)
    rake (0.9.2.2)
    rdoc (3.12)
      json (~> 1.4)
    shotgun (0.9)
      rack (>= 1.0)
    shoulda (3.0.1)
      shoulda-context (~> 1.0.0)
      shoulda-matchers (~> 1.0.0)
    shoulda-context (1.0.0)
    shoulda-matchers (1.0.0)
    simplecov (0.6.4)
      multi_json (~> 1.0)
      simplecov-html (~> 0.5.3)
    simplecov-html (0.5.3)
    sinatra (1.3.2)
      rack (~> 1.3, >= 1.3.6)
      rack-protection (~> 1.2)
      tilt (~> 1.3, >= 1.3.3)
    sinatra-contrib (1.3.1)
      backports (>= 2.0)
      eventmachine
      rack-protection
      rack-test
      sinatra (~> 1.3.0)
      tilt (~> 1.3)
    term-ansicolor (1.0.7)
    thin (1.3.1)
      daemons (>= 1.0.9)
      eventmachine (>= 0.12.6)
      rack (>= 1.0.0)
    thor (0.15.2)
    tilt (1.3.3)
    watchr (0.7)

PLATFORMS
  ruby

DEPENDENCIES
  autowatchr (= 0.1.5)
  httparty
  hub
  jeweler (~> 1.8.3)
  json
  kgbhomeAPI!
  minitest (= 2.0.2)
  mynyml-redgreen (= 0.7.1)
  newrelic_rpm
  nokogiri (= 1.4.4)
  powder (= 0.1.6)
  rack-oauth2-server (~> 2.6.0)
  rack-test (= 0.6.1)
  rdoc (~> 3.12)
  shotgun (= 0.9)
  shoulda
  simplecov
  sinatra
  sinatra-contrib
  thin
  watchr (= 0.7)
